GEM
  remote: https://rubygems.org/
  specs:
    amq-protocol (2.3.2)
    bunny (2.17.0)
      amq-protocol (~> 2.3, >= 2.3.1)
    google-protobuf (3.14.0)
    googleapis-common-protos-types (1.0.5)
      google-protobuf (~> 3.11)
    grpc (1.34.0)
      google-protobuf (~> 3.13)
      googleapis-common-protos-types (~> 1.0)
    grpc-tools (1.34.0)
    mustermann (1.1.1)
      ruby2_keywords (~> 0.0.1)
    rack (2.2.3)
    rack-protection (2.1.0)
      rack
    redis (4.2.5)
    ruby2_keywords (0.0.2)
    sinatra (2.1.0)
      mustermann (~> 1.0)
      rack (~> 2.2)
      rack-protection (= 2.1.0)
      tilt (~> 2.0)
    tilt (2.0.10)

PLATFORMS
  ruby

DEPENDENCIES
  bunny
  grpc
  grpc-tools
  redis
  sinatra

BUNDLED WITH
   2.1.4
